GEM
  remote: https://rubygems.org/
  specs:
    builder (3.2.2)
    chemistrykit (3.10.1)
      builder (~> 3.2.2)
      nokogiri (~> 1.6.0)
      parallel (~> 0.7.0)
      parallel_tests (~> 0.15.0)
      pygments.rb (~> 0.5.2)
      rest-client (~> 1.6.7)
      rspec (~> 2.14.1)
      rspec-retry (~> 0.2.1)
      selenium-connect (~> 3.7.1)
      selenium-webdriver (~> 2.41.0)
      syntax
      thor (~> 0.17.0)
    childprocess (0.5.6)
      ffi (~> 1.0, >= 1.0.11)
    cmdparse (3.0.1)
    diff-lcs (1.2.5)
    ffi (1.9.10)
    highline (1.7.7)
    json (1.8.3)
    mime-types (1.25.1)
    mini_portile (0.6.2)
    multi_json (1.10.1)
    net-http-persistent (2.9.4)
    net-ssh (3.0.1)
    net-ssh-gateway (1.2.0)
      net-ssh (>= 2.6.5)
    nokogiri (1.6.6.2)
      mini_portile (~> 0.6.0)
    parallel (0.7.1)
    parallel_tests (0.15.4)
      parallel
    posix-spawn (0.3.11)
    pygments.rb (0.5.4)
      posix-spawn (~> 0.3.6)
      yajl-ruby (~> 1.1.0)
    rake (10.1.0)
    rest-client (1.6.9)
      mime-types (~> 1.16)
    rspec (2.14.1)
      rspec-core (~> 2.14.0)
      rspec-expectations (~> 2.14.0)
      rspec-mocks (~> 2.14.0)
    rspec-core (2.14.7)
    rspec-expectations (2.14.4)
      diff-lcs (>= 1.1.3, < 2.0)
    rspec-mocks (2.14.4)
    rspec-retry (0.2.1)
      rspec
    rubyzip (1.1.7)
    sauce (2.4.6)
      childprocess (>= 0.1.6)
      cmdparse (>= 2.0.2)
      highline (>= 1.5.0)
      json (>= 1.2.0)
      net-http-persistent
      net-ssh
      net-ssh-gateway
      rest-client
      selenium-webdriver (>= 0.1.2)
    sauce_whisk (0.0.13)
      json (~> 1.8.1)
      rest-client (~> 1.6.7)
    selenium-connect (3.7.1)
      rake
      sauce (~> 2.4.4)
      sauce_whisk (~> 0.0.8)
      selenium-webdriver
    selenium-webdriver (2.41.0)
      childprocess (>= 0.5.0)
      multi_json (~> 1.0)
      rubyzip (~> 1.0)
      websocket (~> 1.0.4)
    syntax (1.2.0)
    thor (0.17.0)
    websocket (1.0.7)
    yajl-ruby (1.1.0)

PLATFORMS
  ruby

DEPENDENCIES
  chemistrykit (~> 3.10.1)

BUNDLED WITH
   1.10.6
